PATH
  remote: .
  specs:
    motion-prime (1.0.7)
      activesupport (~> 3.2.19)
      afmotion (~> 2.4.1)
      bubble-wrap (~> 1.6.0)
      cocoapods
      methadone
      motion-cocoapods
      motion-require
      motion-support (~> 1.1.0)
      rake
      rm-digest
      sugarcube (~> 1.6.0)
      thor

GEM
  remote: http://rubygems.org/
  specs:
    activesupport (3.2.22.5)
      i18n (~> 0.6, >= 0.6.4)
      multi_json (~> 1.0)
    afmotion (2.4.1)
      motion-cocoapods (>= 1.4.1)
      motion-require (>= 0.1)
    bubble-wrap (1.6.0)
      bubble-wrap-http (= 1.6.0)
    bubble-wrap-http (1.6.0)
    claide (0.9.1)
    cocoapods (0.38.2)
      activesupport (>= 3.2.15)
      claide (~> 0.9.1)
      cocoapods-core (= 0.38.2)
      cocoapods-downloader (~> 0.9.1)
      cocoapods-plugins (~> 0.4.2)
      cocoapods-stats (~> 0.5.3)
      cocoapods-trunk (~> 0.6.1)
      cocoapods-try (~> 0.4.5)
      colored (~> 1.2)
      escape (~> 0.0.4)
      molinillo (~> 0.3.1)
      nap (~> 0.8)
      xcodeproj (~> 0.26.3)
    cocoapods-core (0.38.2)
      activesupport (>= 3.2.15)
      fuzzy_match (~> 2.0.4)
      nap (~> 0.8.0)
    cocoapods-downloader (0.9.3)
    cocoapods-plugins (0.4.2)
      nap
    cocoapods-stats (0.5.3)
      nap (~> 0.8)
    cocoapods-trunk (0.6.4)
      nap (>= 0.8, < 2.0)
      netrc (= 0.7.8)
    cocoapods-try (0.4.5)
    colored (1.2)
    concurrent-ruby (1.1.5)
    escape (0.0.4)
    fuzzy_match (2.0.4)
    i18n (0.9.5)
      concurrent-ruby (~> 1.0)
    methadone (2.0.2)
      bundler
    molinillo (0.3.1)
    motion-cocoapods (1.7.8)
      cocoapods (>= 0.34)
    motion-redgreen (1.0.0)
    motion-require (0.2.0)
    motion-stump (0.3.2)
    motion-support (1.1.0)
      motion-require (>= 0.0.6)
    multi_json (1.14.1)
    nap (0.8.0)
    netrc (0.7.8)
    rake (13.0.0)
    rm-digest (0.0.2)
    sugarcube (1.6.3)
    thor (0.20.3)
    xcodeproj (0.26.3)
      activesupport (>= 3)
      claide (~> 0.9.1)
      colored (~> 1.2)

PLATFORMS
  ruby

DEPENDENCIES
  motion-cocoapods (~> 1.7.0)
  motion-prime!
  motion-redgreen
  motion-stump

BUNDLED WITH
   1.17.3
